PATH
  remote: .
  specs:
    manet_melon (0.0.1)
      dumb_numb_set (~> 1.0)
      rwlock (~> 1.0)

GEM
  remote: https://rubygems.org/
  specs:
    dumb_numb_set (1.0.0)
    rwlock (1.0.0)

PLATFORMS
  ruby

DEPENDENCIES
  manet_melon!

BUNDLED WITH
   1.16.2
